PATH
  remote: .
  specs:
    omniauth-paypal (1.2.2)
      omniauth-oauth2 (~> 1.2.0)

GEM
  remote: https://rubygems.org/
  specs:
    diff-lcs (1.2.5)
    faraday (0.9.0)
      multipart-post (>= 1.2, < 3)
    hashie (3.3.2)
    json (1.8.1)
    jwt (1.2.0)
    multi_json (1.10.1)
    multi_xml (0.5.5)
    multipart-post (2.0.0)
    oauth2 (1.0.0)
      faraday (>= 0.8, < 0.10)
      jwt (~> 1.0)
      multi_json (~> 1.3)
      multi_xml (~> 0.5)
      rack (~> 1.2)
    omniauth (1.2.2)
      hashie (>= 1.2, < 4)
      rack (~> 1.0)
    omniauth-oauth2 (1.2.0)
      faraday (>= 0.8, < 0.10)
      multi_json (~> 1.3)
      oauth2 (~> 1.0)
      omniauth (~> 1.2)
    rack (1.5.2)
    rake (10.3.2)
    rspec (2.99.0)
      rspec-core (~> 2.99.0)
      rspec-expectations (~> 2.99.0)
      rspec-mocks (~> 2.99.0)
    rspec-core (2.99.2)
    rspec-expectations (2.99.2)
      diff-lcs (>= 1.1.3, < 2.0)
    rspec-mocks (2.99.2)

PLATFORMS
  ruby

DEPENDENCIES
  json
  omniauth-oauth2 (= 1.2.0)
  omniauth-paypal!
  rake
  rspec (~> 2.14)
